PATH
  remote: .
  specs:
    fluent-plugin-output-unix-socket (0.1.0)

GEM
  remote: https://rubygems.org/
  specs:
    rake (12.3.3)

PLATFORMS
  ruby

DEPENDENCIES
  fluent-plugin-output-unix-socket!
  rake (~> 12.0)

BUNDLED WITH
   2.1.4
